GEM
  remote: https://rubygems.org/
  specs:
    icehouse-swedishgrid (0.1.2)

PLATFORMS
  ruby

DEPENDENCIES
  icehouse-swedishgrid (= 0.1.2)!

BUNDLED WITH
   1.16.1
